GEM
  remote: https://rubygems.org/
  specs:
    gosu (0.10.7)
    texplay (0.4.3)
      gosu (>= 0.7.25)

PLATFORMS
  ruby

DEPENDENCIES
  gosu
  texplay

BUNDLED WITH
   1.12.4
